GEM
  remote: https://rubygems.org/
  specs:
    byebug (11.0.1)
    mustermann (1.0.3)
    nio4r (2.5.8)
    puma (4.3.12)
      nio4r (~> 2.0)
    rack (2.2.3)
    rack-protection (2.0.7)
      rack
    sinatra (2.0.7)
      mustermann (~> 1.0)
      rack (~> 2.0)
      rack-protection (= 2.0.7)
      tilt (~> 2.0)
    tilt (2.0.10)

PLATFORMS
  ruby

DEPENDENCIES
  byebug
  puma (~> 4.3)
  sinatra (~> 2.0)

BUNDLED WITH
   2.0.2
